GIT
  remote: https://github.com/rooftopcms/rooftop-rails
  revision: f1d28eb9e60dbb3d45c5a889486ea762dcec1bce
  specs:
    rooftop-rails (1.1.0)
      nokogiri (~> 1.6)
      rails (>= 4.2.5.1, < 6.0.0)
      require_all (~> 1.3)
      rooftop (~> 1)

GIT
  remote: https://github.com/rooftopcms/rooftop-rails-extras
  revision: e068aa9e5ba34c2df98414430c3a02f5ed8d4314
  specs:
    rooftop-rails-extras (1.0)
      mail_form (~> 1.6)
      require_all (~> 1.3)
      rooftop-rails (~> 1)

GIT
  remote: https://github.com/rooftopcms/rooftop-ruby
  revision: 865a6e656a24aa6f1dc786d7d4b6bd9f4afccc62
  specs:
    rooftop (1.1.6)
      activesupport (>= 4, < 6)
      faraday-http-cache (~> 1.2)
      her (~> 1.0)
      mime-types (~> 3)
      require_all (~> 1.3)

GEM
  remote: https://rubygems.org/
  specs:
    aasm (4.12.3)
      concurrent-ruby (~> 1.0)
    actioncable (5.2.0)
      actionpack (= 5.2.0)
      nio4r (~> 2.0)
      websocket-driver (>= 0.6.1)
    actionmailer (5.2.0)
      actionpack (= 5.2.0)
      actionview (= 5.2.0)
      activejob (= 5.2.0)
      mail (~> 2.5, >= 2.5.4)
      rails-dom-testing (~> 2.0)
    actionpack (5.2.0)
      actionview (= 5.2.0)
      activesupport (= 5.2.0)
      rack (~> 2.0)
      rack-test (>= 0.6.3)
      rails-dom-testing (~> 2.0)
      rails-html-sanitizer (~> 1.0, >= 1.0.2)
    actionview (5.2.0)
      activesupport (= 5.2.0)
      builder (~> 3.1)
      erubi (~> 1.4)
      rails-dom-testing (~> 2.0)
      rails-html-sanitizer (~> 1.0, >= 1.0.3)
    activejob (5.2.0)
      activesupport (= 5.2.0)
      globalid (>= 0.3.6)
    activemodel (5.2.0)
      activesupport (= 5.2.0)
    activemodel-serializers-xml (1.0.2)
      activemodel (> 5.x)
      activesupport (> 5.x)
      builder (~> 3.1)
    activerecord (5.2.0)
      activemodel (= 5.2.0)
      activesupport (= 5.2.0)
      arel (>= 9.0)
    activestorage (5.2.0)
      actionpack (= 5.2.0)
      activerecord (= 5.2.0)
      marcel (~> 0.3.1)
    activesupport (5.2.0)
      concurrent-ruby (~> 1.0, >= 1.0.2)
      i18n (>= 0.7, < 2)
      minitest (~> 5.1)
      tzinfo (~> 1.1)
    addressable (2.5.2)
      public_suffix (>= 2.0.2, < 4.0)
    archive-zip (0.11.0)
      io-like (~> 0.3.0)
    arel (9.0.0)
    ast (2.4.0)
    awesome_print (1.8.0)
    bcrypt (3.1.12)
    bindex (0.5.0)
    bootsnap (1.3.0)
      msgpack (~> 1.0)
    builder (3.2.3)
    bullet (5.7.5)
      activesupport (>= 3.0.0)
      uniform_notifier (~> 1.11.0)
    byebug (10.0.2)
    capybara (2.18.0)
      addressable
      mini_mime (>= 0.1.3)
      nokogiri (>= 1.3.3)
      rack (>= 1.0.0)
      rack-test (>= 0.5.4)
      xpath (>= 2.0, < 4.0)
    carrierwave (1.2.2)
      activemodel (>= 4.0.0)
      activesupport (>= 4.0.0)
      mime-types (>= 1.16)
    carrierwave-base64 (2.7.0)
      carrierwave (>= 0.8.0)
      mime-types (~> 3.0)
    chewy (5.0.0)
      activesupport (>= 4.0)
      elasticsearch (>= 2.0.0)
      elasticsearch-dsl
    childprocess (0.9.0)
      ffi (~> 1.0, >= 1.0.11)
    chromedriver-helper (1.2.0)
      archive-zip (~> 0.10)
      nokogiri (~> 1.8)
    concurrent-ruby (1.0.5)
    crass (1.0.4)
    devise (4.4.3)
      bcrypt (~> 3.0)
      orm_adapter (~> 0.1)
      railties (>= 4.1.0, < 6.0)
      responders
      warden (~> 1.2.3)
    devise_invitable (1.7.4)
      actionmailer (>= 4.1.0)
      devise (>= 4.0.0)
    draper (3.0.1)
      actionpack (~> 5.0)
      activemodel (~> 5.0)
      activemodel-serializers-xml (~> 1.0)
      activesupport (~> 5.0)
      request_store (~> 1.0)
    elasticsearch (6.0.3)
      elasticsearch-api (= 6.0.3)
      elasticsearch-transport (= 6.0.3)
    elasticsearch-api (6.0.3)
      multi_json
    elasticsearch-dsl (0.1.5)
    elasticsearch-transport (6.0.3)
      faraday
      multi_json
    erubi (1.7.1)
    execjs (2.7.0)
    faker (1.8.7)
      i18n (>= 0.7)
    faraday (0.15.2)
      multipart-post (>= 1.2, < 3)
    faraday-http-cache (1.3.1)
      faraday (~> 0.8)
    ffi (1.9.25)
    globalid (0.4.1)
      activesupport (>= 4.2.0)
    her (1.0.1)
      activemodel (>= 4.2.1)
      faraday (>= 0.8, < 1.0)
      multi_json (~> 1.7)
    i18n (1.0.1)
      concurrent-ruby (~> 1.0)
    image_processing (1.3.0)
      mini_magick (~> 4.0)
      ruby-vips (>= 2.0.11, < 3)
    io-like (0.3.0)
    jaro_winkler (1.5.1)
    jbuilder (2.7.0)
      activesupport (>= 4.2.0)
      multi_json (>= 1.2)
    listen (3.1.5)
      rb-fsevent (~> 0.9, >= 0.9.4)
      rb-inotify (~> 0.9, >= 0.9.7)
      ruby_dep (~> 1.2)
    loofah (2.2.2)
      crass (~> 1.0.2)
      nokogiri (>= 1.5.9)
    mail (2.7.0)
      mini_mime (>= 0.1.1)
    mail_form (1.7.1)
      actionmailer (>= 3.2, < 6)
      activemodel (>= 3.2, < 6)
    marcel (0.3.2)
      mimemagic (~> 0.3.2)
    method_source (0.9.0)
    mime-types (3.1)
      mime-types-data (~> 3.2015)
    mime-types-data (3.2016.0521)
    mimemagic (0.3.2)
    mini_magick (4.8.0)
    mini_mime (1.0.0)
    mini_portile2 (2.3.0)
    minitest (5.11.3)
    msgpack (1.2.4)
    multi_json (1.13.1)
    multipart-post (2.0.0)
    mysql2 (0.4.10)
    nio4r (2.3.1)
    nokogiri (1.8.2)
      mini_portile2 (~> 2.3.0)
    orm_adapter (0.5.0)
    parallel (1.12.1)
    parser (2.5.1.0)
      ast (~> 2.4.0)
    passenger (5.3.2)
      rack
      rake (>= 0.8.1)
    powerpack (0.1.2)
    public_suffix (3.0.2)
    puma (3.11.4)
    pundit (1.1.0)
      activesupport (>= 3.0.0)
    rack (2.0.5)
    rack-proxy (0.6.4)
      rack
    rack-test (1.0.0)
      rack (>= 1.0, < 3)
    rails (5.2.0)
      actioncable (= 5.2.0)
      actionmailer (= 5.2.0)
      actionpack (= 5.2.0)
      actionview (= 5.2.0)
      activejob (= 5.2.0)
      activemodel (= 5.2.0)
      activerecord (= 5.2.0)
      activestorage (= 5.2.0)
      activesupport (= 5.2.0)
      bundler (>= 1.3.0)
      railties (= 5.2.0)
      sprockets-rails (>= 2.0.0)
    rails-dom-testing (2.0.3)
      activesupport (>= 4.2.0)
      nokogiri (>= 1.6)
    rails-html-sanitizer (1.0.4)
      loofah (~> 2.2, >= 2.2.2)
    railties (5.2.0)
      actionpack (= 5.2.0)
      activesupport (= 5.2.0)
      method_source
      rake (>= 0.8.7)
      thor (>= 0.18.1, < 2.0)
    rainbow (3.0.0)
    rake (12.3.1)
    rb-fsevent (0.10.3)
    rb-inotify (0.9.10)
      ffi (>= 0.5.0, < 2)
    redis (4.0.1)
    redis-actionpack (5.0.2)
      actionpack (>= 4.0, < 6)
      redis-rack (>= 1, < 3)
      redis-store (>= 1.1.0, < 2)
    redis-activesupport (5.0.4)
      activesupport (>= 3, < 6)
      redis-store (>= 1.3, < 2)
    redis-rack (2.0.4)
      rack (>= 1.5, < 3)
      redis-store (>= 1.2, < 2)
    redis-rails (5.0.2)
      redis-actionpack (>= 5.0, < 6)
      redis-activesupport (>= 5.0, < 6)
      redis-store (>= 1.2, < 2)
    redis-store (1.5.0)
      redis (>= 2.2, < 5)
    request_store (1.4.1)
      rack (>= 1.4)
    require_all (1.5.0)
    responders (2.4.0)
      actionpack (>= 4.2.0, < 5.3)
      railties (>= 4.2.0, < 5.3)
    rubocop (0.57.2)
      jaro_winkler (~> 1.5.1)
      parallel (~> 1.10)
      parser (>= 2.5)
      powerpack (~> 0.1)
      rainbow (>= 2.2.2, < 4.0)
      ruby-progressbar (~> 1.7)
      unicode-display_width (~> 1.0, >= 1.0.1)
    ruby-progressbar (1.9.0)
    ruby-vips (2.0.12)
      ffi (~> 1.9)
    ruby_dep (1.5.0)
    rubyzip (1.2.1)
    sass (3.5.6)
      sass-listen (~> 4.0.0)
    sass-listen (4.0.0)
      rb-fsevent (~> 0.9, >= 0.9.4)
      rb-inotify (~> 0.9, >= 0.9.7)
    sass-rails (5.0.7)
      railties (>= 4.0.0, < 6)
      sass (~> 3.1)
      sprockets (>= 2.8, < 4.0)
      sprockets-rails (>= 2.0, < 4.0)
      tilt (>= 1.1, < 3)
    selenium-webdriver (3.12.0)
      childprocess (~> 0.5)
      rubyzip (~> 1.2)
    sprockets (3.7.1)
      concurrent-ruby (~> 1.0)
      rack (> 1, < 3)
    sprockets-rails (3.2.1)
      actionpack (>= 4.0)
      activesupport (>= 4.0)
      sprockets (>= 3.0.0)
    thor (0.20.0)
    thread_safe (0.3.6)
    tilt (2.0.8)
    tzinfo (1.2.5)
      thread_safe (~> 0.1)
    uglifier (4.1.11)
      execjs (>= 0.3.0, < 3)
    unicode-display_width (1.4.0)
    uniform_notifier (1.11.0)
    warden (1.2.7)
      rack (>= 1.0)
    web-console (3.6.2)
      actionview (>= 5.0)
      activemodel (>= 5.0)
      bindex (>= 0.4.0)
      railties (>= 5.0)
    webpacker (3.5.3)
      activesupport (>= 4.2)
      rack-proxy (>= 0.6.1)
      railties (>= 4.2)
    websocket-driver (0.7.0)
      websocket-extensions (>= 0.1.0)
    websocket-extensions (0.1.3)
    xpath (3.1.0)
      nokogiri (~> 1.8)
    youtube_id (0.1.0)

PLATFORMS
  ruby

DEPENDENCIES
  aasm
  awesome_print
  bootsnap (>= 1.1.0)
  bullet
  byebug
  capybara (~> 2.15)
  carrierwave
  carrierwave-base64
  chewy
  chromedriver-helper
  devise
  devise_invitable
  draper
  faker
  image_processing (~> 1.2)
  jbuilder (~> 2.5)
  listen (>= 3.0.5, < 3.2)
  mini_magick
  mysql2 (~> 0.4.4)
  passenger (~> 5.1)
  puma (~> 3.11)
  pundit
  rails (~> 5.2.0.rc1)
  redis-rails
  rooftop!
  rooftop-rails!
  rooftop-rails-extras!
  rubocop
  sass-rails (~> 5.0)
  selenium-webdriver
  tzinfo-data
  uglifier (>= 1.3.0)
  web-console (>= 3.3.0)
  webpacker
  youtube_id

RUBY VERSION
   ruby 2.5.1p57

BUNDLED WITH
   1.16.2
